GEM
  remote: https://rubygems.org/
  specs:
    backports (3.15.0)
    coderay (1.1.2)
    concurrent-ruby (1.1.5)
    diff-lcs (1.3)
    gorilla_patch (3.2.1)
    method_source (0.9.2)
    multi_json (1.14.1)
    mustermann (1.0.3)
    nio4r (2.5.8)
    pg (1.2.0)
    pry (0.12.2)
      coderay (~> 1.1.0)
      method_source (~> 0.9.0)
    puma (4.3.12)
      nio4r (~> 2.0)
    rack (2.0.8)
    rack-protection (2.0.7)
      rack
    rake (13.0.1)
    rspec (3.9.0)
      rspec-core (~> 3.9.0)
      rspec-expectations (~> 3.9.0)
      rspec-mocks (~> 3.9.0)
    rspec-core (3.9.1)
      rspec-support (~> 3.9.1)
    rspec-expectations (3.9.0)
      diff-lcs (>= 1.2.0, < 2.0)
      rspec-support (~> 3.9.0)
    rspec-mocks (3.9.1)
      diff-lcs (>= 1.2.0, < 2.0)
      rspec-support (~> 3.9.0)
    rspec-support (3.9.2)
    sequel (5.27.0)
    sinatra (2.0.7)
      mustermann (~> 1.0)
      rack (~> 2.0)
      rack-protection (= 2.0.7)
      tilt (~> 2.0)
    sinatra-contrib (2.0.7)
      backports (>= 2.8.2)
      multi_json
      mustermann (~> 1.0)
      rack-protection (= 2.0.7)
      sinatra (= 2.0.7)
      tilt (~> 2.0)
    sucker_punch (2.1.2)
      concurrent-ruby (~> 1.0)
    tilt (2.0.10)
    zeitwerk (2.2.2)

PLATFORMS
  ruby

DEPENDENCIES
  gorilla_patch (~> 3.2, >= 3.2.1)
  pg
  pry
  puma
  rack (>= 2.0.8)
  rake
  rspec (~> 3.9)
  sequel
  sinatra
  sinatra-contrib
  sucker_punch (~> 2.0)
  zeitwerk (~> 2.2, >= 2.2.2)

BUNDLED WITH
   2.0.2
